GEM
  remote: https://rubygems.org/
  specs:
    backports (3.2.0)
    curb (0.8.3)
    hirb (0.7.1)
    json (1.7.7)
    nokogiri (1.5.9)
    rack (1.5.2)
    rack-protection (1.5.0)
      rack
    sinatra (1.4.2)
      rack (~> 1.5, >= 1.5.2)
      rack-protection (~> 1.4)
      tilt (~> 1.3, >= 1.3.4)
    tilt (1.3.7)

PLATFORMS
  ruby

DEPENDENCIES
  backports
  curb
  hirb
  json
  nokogiri
  sinatra
